PATH
  remote: .
  specs:
    restrack-balancer (1.0.0)
      restrack-client

GEM
  remote: http://rubygems.org/
  specs:
    i18n (0.6.0)
    json (1.5.3)
    mime-types (1.16)
    restrack-client (1.0.0)
      i18n
      json
      mime-types
      xml-simple (>= 1.0.13)
    shoulda (2.11.3)
    xml-simple (1.1.0)

PLATFORMS
  ruby

DEPENDENCIES
  restrack-balancer!
  shoulda
